GEM
  remote: https://rubygems.org/
  specs:
    CFPropertyList (3.0.0)
    actioncable (6.0.0)
      actionpack (= 6.0.0)
      nio4r (~> 2.0)
      websocket-driver (>= 0.6.1)
    actionmailbox (6.0.0)
      actionpack (= 6.0.0)
      activejob (= 6.0.0)
      activerecord (= 6.0.0)
      activestorage (= 6.0.0)
      activesupport (= 6.0.0)
      mail (>= 2.7.1)
    actionmailer (6.0.0)
      actionpack (= 6.0.0)
      actionview (= 6.0.0)
      activejob (= 6.0.0)
      mail (~> 2.5, >= 2.5.4)
      rails-dom-testing (~> 2.0)
    actionpack (6.0.0)
      actionview (= 6.0.0)
      activesupport (= 6.0.0)
      rack (~> 2.0)
      rack-test (>= 0.6.3)
      rails-dom-testing (~> 2.0)
      rails-html-sanitizer (~> 1.0, >= 1.2.0)
    actiontext (6.0.0)
      actionpack (= 6.0.0)
      activerecord (= 6.0.0)
      activestorage (= 6.0.0)
      activesupport (= 6.0.0)
      nokogiri (>= 1.8.5)
    actionview (6.0.0)
      activesupport (= 6.0.0)
      builder (~> 3.1)
      erubi (~> 1.4)
      rails-dom-testing (~> 2.0)
      rails-html-sanitizer (~> 1.1, >= 1.2.0)
    activejob (6.0.0)
      activesupport (= 6.0.0)
      globalid (>= 0.3.6)
    activemodel (6.0.0)
      activesupport (= 6.0.0)
    activerecord (6.0.0)
      activemodel (= 6.0.0)
      activesupport (= 6.0.0)
    activestorage (6.0.0)
      actionpack (= 6.0.0)
      activejob (= 6.0.0)
      activerecord (= 6.0.0)
      marcel (~> 0.3.1)
    activesupport (6.0.0)
      concurrent-ruby (~> 1.0, >= 1.0.2)
      i18n (>= 0.7, < 2)
      minitest (~> 5.1)
      tzinfo (~> 1.1)
      zeitwerk (~> 2.1, >= 2.1.8)
    addressable (2.7.0)
      public_suffix (>= 2.0.2, < 5.0)
    ast (2.4.2)
    aws-eventstream (1.0.3)
    aws-partitions (1.203.0)
    aws-sdk-core (3.63.0)
      aws-eventstream (~> 1.0, >= 1.0.2)
      aws-partitions (~> 1.0)
      aws-sigv4 (~> 1.1)
      jmespath (~> 1.0)
    aws-sdk-kms (1.24.0)
      aws-sdk-core (~> 3, >= 3.61.1)
      aws-sigv4 (~> 1.1)
    aws-sdk-s3 (1.46.0)
      aws-sdk-core (~> 3, >= 3.61.1)
      aws-sdk-kms (~> 1)
      aws-sigv4 (~> 1.1)
    aws-sigv4 (1.1.0)
      aws-eventstream (~> 1.0, >= 1.0.2)
    bootsnap (1.5.1)
      msgpack (~> 1.0)
    builder (3.2.3)
    byebug (11.0.1)
    capybara (3.33.0)
      addressable
      mini_mime (>= 0.1.3)
      nokogiri (~> 1.8)
      rack (>= 1.6.0)
      rack-test (>= 0.6.3)
      regexp_parser (~> 1.5)
      xpath (~> 3.2)
    childprocess (1.0.1)
      rake (< 13.0)
    coderay (1.1.3)
    commander (4.6.0)
      highline (~> 2.0.0)
    concurrent-ruby (1.1.5)
    connection_pool (2.2.2)
    crass (1.0.6)
    diff-lcs (1.5.0)
    docile (1.3.2)
    domain_name (0.5.20190701)
      unf (>= 0.0.5, < 1.0.0)
    erubi (1.8.0)
    globalid (0.4.2)
      activesupport (>= 4.2.0)
    hashie (3.4.6)
    highline (2.0.3)
    honeybadger (4.5.1)
    http-cookie (1.0.3)
      domain_name (~> 0.5)
    i18n (1.6.0)
      concurrent-ruby (~> 1.0)
    jmespath (1.4.0)
    json (2.3.1)
    jwt (2.2.1)
    loofah (2.19.1)
      crass (~> 1.0.2)
      nokogiri (>= 1.5.9)
    mail (2.7.1)
      mini_mime (>= 0.1.1)
    marcel (0.3.3)
      mimemagic (~> 0.3.2)
    method_source (1.0.0)
    mime-types (3.3.1)
      mime-types-data (~> 3.2015)
    mime-types-data (3.2020.1104)
    mimemagic (0.3.10)
      nokogiri (~> 1)
      rake
    mini_mime (1.0.2)
    minitest (5.11.3)
    msgpack (1.3.3)
    netrc (0.11.0)
    nio4r (2.4.0)
    nokogiri (1.13.10-arm64-darwin)
      racc (~> 1.4)
    nokogiri (1.13.10-x86_64-darwin)
      racc (~> 1.4)
    nokogiri (1.13.10-x86_64-linux)
      racc (~> 1.4)
    parallel (1.22.1)
    parlour (8.0.0)
      commander (~> 4.5)
      parser
      rainbow (~> 3.0)
      sorbet-runtime (>= 0.5)
    parser (3.1.2.1)
      ast (~> 2.4.1)
    pg (0.21.0)
    polyfill (1.9.0)
    pry (0.14.1)
      coderay (~> 1.1)
      method_source (~> 1.0)
    pry-byebug (3.7.0)
      byebug (~> 11.0)
      pry (~> 0.10)
    public_suffix (4.0.6)
    puma (3.12.6)
    racc (1.6.1)
    rack (2.2.3)
    rack-protection (2.0.5)
      rack
    rack-test (1.1.0)
      rack (>= 1.0, < 3)
    rails (6.0.0)
      actioncable (= 6.0.0)
      actionmailbox (= 6.0.0)
      actionmailer (= 6.0.0)
      actionpack (= 6.0.0)
      actiontext (= 6.0.0)
      actionview (= 6.0.0)
      activejob (= 6.0.0)
      activemodel (= 6.0.0)
      activerecord (= 6.0.0)
      activestorage (= 6.0.0)
      activesupport (= 6.0.0)
      bundler (>= 1.3.0)
      railties (= 6.0.0)
      sprockets-rails (>= 2.0.0)
    rails-dom-testing (2.0.3)
      activesupport (>= 4.2.0)
      nokogiri (>= 1.6)
    rails-html-sanitizer (1.2.0)
      loofah (~> 2.2, >= 2.2.2)
    railties (6.0.0)
      actionpack (= 6.0.0)
      activesupport (= 6.0.0)
      method_source
      rake (>= 0.8.7)
      thor (>= 0.20.3, < 2.0)
    rainbow (3.1.1)
    rake (12.3.3)
    rbi (0.0.15)
      ast
      parser (>= 2.6.4.0)
      sorbet-runtime (>= 0.5.9204)
      unparser
    redis (4.1.2)
    regexp_parser (1.8.2)
    rest-client (2.0.2)
      http-cookie (>= 1.0.2, < 2.0)
      mime-types (>= 1.16, < 4.0)
      netrc (~> 0.8)
    rexml (3.2.5)
    rspec-core (3.8.2)
      rspec-support (~> 3.8.0)
    rspec-expectations (3.8.4)
      diff-lcs (>= 1.2.0, < 2.0)
      rspec-support (~> 3.8.0)
    rspec-mocks (3.8.1)
      diff-lcs (>= 1.2.0, < 2.0)
      rspec-support (~> 3.8.0)
    rspec-rails (3.8.2)
      actionpack (>= 3.0)
      activesupport (>= 3.0)
      railties (>= 3.0)
      rspec-core (~> 3.8.0)
      rspec-expectations (~> 3.8.0)
      rspec-mocks (~> 3.8.0)
      rspec-support (~> 3.8.0)
    rspec-support (3.8.2)
    rspec_junit_formatter (0.4.1)
      rspec-core (>= 2, < 4, != 2.12.0)
    rubocop (1.36.0)
      json (~> 2.3)
      parallel (~> 1.10)
      parser (>= 3.1.2.1)
      rainbow (>= 2.2.2, < 4.0)
      regexp_parser (>= 1.8, < 3.0)
      rexml (>= 3.2.5, < 4.0)
      rubocop-ast (>= 1.20.1, < 2.0)
      ruby-progressbar (~> 1.7)
      unicode-display_width (>= 1.4.0, < 3.0)
    rubocop-ast (1.21.0)
      parser (>= 3.1.1.0)
    ruby-progressbar (1.11.0)
    rubyzip (1.3.0)
    safe_type (1.1.1)
    selenium-webdriver (3.142.3)
      childprocess (>= 0.5, < 2.0)
      rubyzip (~> 1.2, >= 1.2.2)
    sidekiq (5.2.7)
      connection_pool (~> 2.2, >= 2.2.2)
      rack (>= 1.5.0)
      rack-protection (>= 1.5.0)
      redis (>= 3.3.5, < 5)
    simplecov (0.17.0)
      docile (~> 1.1)
      json (>= 1.8, < 3)
      simplecov-html (~> 0.10.0)
    simplecov-html (0.10.2)
    simplemdm (1.3.0)
      hashie (~> 3.4.4)
      rest-client (~> 2.0)
    sorbet (0.5.10448)
      sorbet-static (= 0.5.10448)
    sorbet-coerce (0.7.0)
      polyfill (~> 1.8)
      safe_type (~> 1.1, >= 1.1.1)
      sorbet-runtime (>= 0.4.4704)
    sorbet-rails (0.7.34)
      method_source (>= 0.9.2)
      parlour (>= 4.0.1)
      parser (>= 2.7)
      sorbet-coerce (>= 0.2.6)
      sorbet-runtime (>= 0.5.9892)
    sorbet-runtime (0.5.10448)
    sorbet-static (0.5.10448-universal-darwin-14)
    sorbet-static (0.5.10448-universal-darwin-15)
    sorbet-static (0.5.10448-universal-darwin-16)
    sorbet-static (0.5.10448-universal-darwin-17)
    sorbet-static (0.5.10448-universal-darwin-18)
    sorbet-static (0.5.10448-universal-darwin-19)
    sorbet-static (0.5.10448-universal-darwin-20)
    sorbet-static (0.5.10448-universal-darwin-21)
    sorbet-static (0.5.10448-universal-darwin-22)
    sorbet-static (0.5.10448-x86_64-linux)
    sorbet-static-and-runtime (0.5.10448)
      sorbet (= 0.5.10448)
      sorbet-runtime (= 0.5.10448)
    spoom (1.1.12)
      sorbet (>= 0.5.9204)
      sorbet-runtime (>= 0.5.9204)
      thor (>= 0.19.2)
    spring (2.1.0)
    sprockets (3.7.2)
      concurrent-ruby (~> 1.0)
      rack (> 1, < 3)
    sprockets-rails (3.2.1)
      actionpack (>= 4.0)
      activesupport (>= 4.0)
      sprockets (>= 3.0.0)
    tapioca (0.10.1)
      bundler (>= 1.17.3)
      netrc (>= 0.11.0)
      parallel (>= 1.21.0)
      pry (>= 0.12.2)
      rbi (~> 0.0.0, >= 0.0.14)
      sorbet-static-and-runtime (>= 0.5.9204)
      spoom (~> 1.1.0, >= 1.1.11)
      thor (>= 1.2.0)
      yard-sorbet
    thor (1.2.1)
    thread_safe (0.3.6)
    tzinfo (1.2.8)
      thread_safe (~> 0.1)
    unf (0.1.4)
      unf_ext
    unf_ext (0.0.7.6)
    unicode-display_width (2.3.0)
    unparser (0.6.5)
      diff-lcs (~> 1.3)
      parser (>= 3.1.0)
    webdrivers (4.1.2)
      nokogiri (~> 1.6)
      rubyzip (~> 1.0)
      selenium-webdriver (>= 3.0, < 4.0)
    webrick (1.7.0)
    websocket-driver (0.7.1)
      websocket-extensions (>= 0.1.0)
    websocket-extensions (0.1.5)
    xpath (3.2.0)
      nokogiri (~> 1.8)
    yard (0.9.28)
      webrick (~> 1.7.0)
    yard-sorbet (0.7.0)
      sorbet-runtime (>= 0.5)
      yard (>= 0.9)
    yt-auth (0.3.1)
      jwt (>= 1.5.6)
      yt-support (>= 0.1.3)
    yt-support (0.1.3)
    zeitwerk (2.1.9)

PLATFORMS
  arm64-darwin
  x86_64-darwin
  x86_64-linux

DEPENDENCIES
  CFPropertyList (~> 3.0)
  aws-sdk-s3 (~> 1.23)
  bootsnap (>= 1.1.0)
  capybara (>= 2.15, < 4.0)
  honeybadger (~> 4.1)
  pg (~> 0.18)
  pry-byebug (~> 3.6)
  puma (~> 3.12)
  rails (~> 6.0.0)
  rspec-rails (>= 3.7, < 4.0)
  rspec_junit_formatter
  rubocop
  rubyzip
  selenium-webdriver
  sidekiq (~> 5.0)
  simplecov
  simplemdm (~> 1.3)
  sorbet
  sorbet-rails
  sorbet-runtime
  spring
  tapioca
  webdrivers (~> 4.0)
  yt-auth (~> 0.3.1)

RUBY VERSION
   ruby 2.7.6p219

BUNDLED WITH
   2.1.4
